GIT
  remote: git://github.com/justin/imdb.git
  revision: 39b6c21eed2bebb16b5d628fcc3e922bb3f68c73
  specs:
    imdb (0.6.5)
      hpricot (>= 0.8.1)

GIT
  remote: git://github.com/sinatra/sinatra.git
  revision: c1eb806bbbdeb11c3ac319545b856482f1df9a7b
  specs:
    sinatra (1.2.0.a)
      rack (~> 1.1)
      tilt (~> 1.2)

GEM
  remote: http://rubygems.org/
  specs:
    activesupport (2.3.5)
    addressable (2.2.3)
    autotest (4.4.5)
    autotest-fsevent (0.2.4)
      sys-uname
    autotest-growl (0.2.9)
    bcrypt-ruby (2.1.4)
    builder (3.0.0)
    chardet (0.9.0)
    cucumber (0.10.0)
      builder (>= 2.1.2)
      diff-lcs (~> 1.1.2)
      gherkin (~> 2.3.2)
      json (~> 1.4.6)
      term-ansicolor (~> 1.0.5)
    curb (0.7.10)
    data_objects (0.10.1)
      addressable (~> 2.1)
    datamapper (0.10.2)
      dm-aggregates (~> 0.10.2)
      dm-constraints (~> 0.10.2)
      dm-core (~> 0.10.2)
      dm-migrations (~> 0.10.2)
      dm-serializer (~> 0.10.2)
      dm-timestamps (~> 0.10.2)
      dm-types (~> 0.10.2)
      dm-validations (~> 0.10.2)
    diff-lcs (1.1.2)
    dm-aggregates (0.10.2)
      dm-core (~> 0.10.2)
    dm-constraints (0.10.2)
      dm-core (~> 0.10.2)
    dm-core (0.10.2)
      addressable (~> 2.1)
      extlib (~> 0.9.14)
    dm-migrations (0.10.2)
      dm-core (~> 0.10.2)
    dm-serializer (0.10.2)
      dm-core (~> 0.10.2)
      fastercsv (~> 1.5.0)
      json_pure (~> 1.2.0)
    dm-timestamps (0.10.2)
      dm-core (~> 0.10.2)
    dm-types (0.10.2)
      bcrypt-ruby (~> 2.1.2)
      dm-core (~> 0.10.2)
      fastercsv (~> 1.5.0)
      json_pure (~> 1.2.0)
      stringex (~> 1.1.0)
      uuidtools (~> 2.1.1)
    dm-validations (0.10.2)
      dm-core (~> 0.10.2)
    do_mysql (0.10.1)
      data_objects (= 0.10.1)
    extlib (0.9.15)
    fastercsv (1.5.4)
    gherkin (2.3.3)
      json (~> 1.4.6)
    hpricot (0.8.3)
    json (1.4.6)
    json_pure (1.2.4)
    kgio (1.3.1)
    mysql (2.8.1)
    rack (1.2.1)
    rack-flash (0.1.1)
      rack
    rack-test (0.5.7)
      rack (>= 1.0)
    racksh (0.9.8)
      rack (>= 1.0)
      rack-test (>= 0.5)
    rcov (0.9.9)
    rspec (2.5.0)
      rspec-core (~> 2.5.0)
      rspec-expectations (~> 2.5.0)
      rspec-mocks (~> 2.5.0)
    rspec-core (2.5.1)
    rspec-expectations (2.5.0)
      diff-lcs (~> 1.1.2)
    rspec-mocks (2.5.0)
    ruby-hmac (0.4.0)
    stringex (1.1.0)
    sys-uname (0.8.5)
    term-ansicolor (1.0.5)
    tilt (1.2.2)
    unicorn (2.0.1)
      kgio (~> 1.3.1)
      rack
    uuidtools (2.1.1)
    yard (0.5.4)

PLATFORMS
  ruby

DEPENDENCIES
  activesupport (= 2.3.5)
  autotest
  autotest-fsevent
  autotest-growl
  chardet
  cucumber (~> 0.10)
  curb
  data_objects (= 0.10.1)
  datamapper (= 0.10.2)
  dm-aggregates (= 0.10.2)
  dm-core (= 0.10.2)
  dm-migrations (= 0.10.2)
  dm-serializer (= 0.10.2)
  dm-timestamps (= 0.10.2)
  dm-types (= 0.10.2)
  dm-validations (= 0.10.2)
  do_mysql (= 0.10.1)
  hpricot
  imdb!
  mysql
  rack
  rack-flash
  rack-test
  racksh
  rcov
  rspec (~> 2.0)
  ruby-hmac
  sinatra!
  unicorn (~> 2.0.1)
  yard (= 0.5.4)
